PATH
  remote: .
  specs:
    smbcloud-model (0.3.15)
      rb_sys (~> 0.9.91)

GEM
  remote: https://rubygems.org/
  specs:
    rake (13.2.1)
    rake-compiler (1.3.0)
      rake
    rake-compiler-dock (1.9.1)
    rb_sys (0.9.115)
      rake-compiler-dock (= 1.9.1)

PLATFORMS
  arm64-darwin-24
  ruby

DEPENDENCIES
  rake (~> 13.0)
  rake-compiler
  smbcloud-model!

BUNDLED WITH
   2.6.2
